GEM
  remote: https://rubygems.org/
  specs:
    concurrent-ruby (1.1.6)
    faker (1.7.2)
      i18n (~> 0.5)
    i18n (0.9.5)
      concurrent-ruby (~> 1.0)

PLATFORMS
  ruby

DEPENDENCIES
  faker (= 1.7.2)

BUNDLED WITH
   2.0.2
